GIT
  remote: git://github.com/cloudfoundry/warden.git
  revision: cc07d604dafc25ac8f7f17af42ab0152c52a7b35
  specs:
    warden-client (0.1.0)
      warden-protocol (~> 0.1.0)
    warden-protocol (0.1.3)
      beefcake

GEM
  remote: http://www.rubygems.org/
  specs:
    addressable (2.3.4)
    beefcake (0.3.7)
    diff-lcs (1.2.4)
    faraday (0.8.7)
      multipart-post (~> 1.1)
    faraday_middleware (0.9.0)
      faraday (>= 0.7.4, < 0.9)
    grit (2.5.0)
      diff-lcs (~> 1.1)
      mime-types (~> 1.15)
      posix-spawn (~> 0.3.6)
    hashie (2.0.5)
    mime-types (1.23)
    multi_json (1.7.3)
    multipart-post (1.2.0)
    netrc (0.7.7)
    octokit (1.24.0)
      addressable (~> 2.2)
      faraday (~> 0.8)
      faraday_middleware (~> 0.9)
      hashie (~> 2.0)
      multi_json (~> 1.3)
      netrc (~> 0.7.7)
    posix-spawn (0.3.6)
    rake (10.0.4)

PLATFORMS
  ruby

DEPENDENCIES
  grit
  octokit
  rake
  warden-client!
